GEM
  remote: http://rubygems.org/
  specs:
    eshq (0.0.2)
      json
    json (1.6.1)
    rack (1.3.3)
    sinatra (1.2.6)
      rack (~> 1.1)
      tilt (>= 1.2.2, < 2.0)
    tilt (1.3.3)

PLATFORMS
  ruby

DEPENDENCIES
  eshq
  sinatra
