GEM
  remote: http://rubygems.org/
  specs:
    eshq (0.0.8)
      multi_json (~> 1.3)
    multi_json (1.3.6)
    rack (1.3.3)
    sinatra (1.2.6)
      rack (~> 1.1)
      tilt (>= 1.2.2, < 2.0)
    tilt (1.3.3)

PLATFORMS
  ruby

DEPENDENCIES
  eshq
  sinatra
